GEM
  remote: https://rubygems.org/
  specs:
    rubyzip (2.0.0)

PLATFORMS
  ruby

DEPENDENCIES
  rubyzip (= 2.0.0)!

BUNDLED WITH
   2.0.1
